GEM
  remote: https://rubygems.org/
  specs:
    equatable (0.5.0)
    necromancer (0.3.0)
    pastel (0.6.1)
      equatable (~> 0.5.0)
      tty-color (~> 0.3.0)
    tty (0.4.0)
      equatable (~> 0.5.0)
      pastel (~> 0.6.0)
      tty-color (~> 0.3.0)
      tty-cursor (~> 0.2.0)
      tty-pager (~> 0.4.0)
      tty-platform (~> 0.1.0)
      tty-progressbar (~> 0.8.0)
      tty-prompt (~> 0.4.0)
      tty-screen (~> 0.5.0)
      tty-spinner (~> 0.1.0)
      tty-table (~> 0.5.0)
      tty-which (~> 0.1.0)
    tty-color (0.3.0)
    tty-cursor (0.2.0)
    tty-pager (0.4.0)
      tty-screen (~> 0.5.0)
      tty-which (~> 0.1.0)
      verse (~> 0.4.0)
    tty-platform (0.1.0)
    tty-progressbar (0.8.1)
      tty-screen (~> 0.5.0)
    tty-prompt (0.4.0)
      necromancer (~> 0.3.0)
      pastel (~> 0.6.0)
      tty-cursor (~> 0.2.0)
      tty-platform (~> 0.1.0)
      wisper (~> 1.6.1)
    tty-screen (0.5.0)
    tty-spinner (0.1.0)
    tty-table (0.5.0)
      equatable (~> 0.5.0)
      necromancer (~> 0.3.0)
      pastel (~> 0.6.0)
      tty-screen (~> 0.5.0)
      unicode_utils (~> 1.4.0)
      verse (~> 0.4.0)
    tty-which (0.1.0)
    unicode_utils (1.4.0)
    verse (0.4.0)
      unicode_utils (~> 1.4.0)
    wisper (1.6.1)

PLATFORMS
  ruby

DEPENDENCIES
  tty

BUNDLED WITH
   1.11.2
